GEM
  remote: http://rubygems.org/
  specs:
    flexmock (0.9.0)
    git (1.2.5)
    jeweler (1.6.4)
      bundler (~> 1.0)
      git (>= 1.2.5)
      rake
    rake (0.9.2.2)
    rcov (0.9.11)

PLATFORMS
  ruby

DEPENDENCIES
  bundler (~> 1.0.0)
  flexmock
  jeweler (~> 1.6.4)
  rcov
